GEM
  remote: http://rubygems.org/
  specs:
    addressable (2.3.2)
    json_pure (1.7.5)
    net-http-persistent (2.8)
    rack (1.4.1)
    rack-protection (1.3.2)
      rack
    rdf (0.3.11)
      addressable (>= 2.2.6)
    sinatra (1.3.3)
      rack (~> 1.3, >= 1.3.6)
      rack-protection (~> 1.2)
      tilt (~> 1.3, >= 1.3.3)
    sparql-client (0.3.1)
      json_pure (>= 1.6.5)
      net-http-persistent (>= 1.4.1)
      rdf (>= 0.3.5)
    tilt (1.3.3)

PLATFORMS
  ruby

DEPENDENCIES
  json_pure
  sinatra
  sparql-client
