GEM
  remote: https://rubygems.org/
  specs:
    json_pure (1.8.1)
    net-http-persistent (2.9.4)
    rack (1.5.2)
    rack-protection (1.5.3)
      rack
    rdf (1.1.6)
    sinatra (1.4.5)
      rack (~> 1.4)
      rack-protection (~> 1.4)
      tilt (~> 1.3, >= 1.3.4)
    sparql-client (1.1.3.1)
      net-http-persistent (~> 2.9)
      rdf (~> 1.1)
    tilt (1.4.1)

PLATFORMS
  ruby

DEPENDENCIES
  json_pure
  sinatra
  sparql-client
