GEM
  remote: http://rubygems.org/
  specs:
    addressable (2.3.2)
    backports (2.6.5)
    haml (3.1.7)
    htmlentities (4.3.1)
    json (1.7.5)
    json-ld (0.3.2)
      backports
      json (>= 1.7.5)
      rdf (>= 0.3.11)
    json_pure (1.7.5)
    linkeddata (0.3.5)
      json-ld (>= 0.1.0)
      rdf (>= 0.3.5)
      rdf-isomorphic (>= 0.3.4)
      rdf-json (>= 0.3.0)
      rdf-microdata (>= 0.2.3)
      rdf-n3 (>= 0.3.6)
      rdf-rdfa (>= 0.3.9)
      rdf-rdfxml (>= 0.3.5)
      rdf-trig (>= 0.1.1)
      rdf-trix (>= 0.3.0)
      rdf-turtle (>= 0.1.1)
    rack (1.4.1)
    rack-protection (1.3.2)
      rack
    rdf (0.3.11)
      addressable (>= 2.2.6)
    rdf-isomorphic (0.3.4)
      rdf (>= 0.2.3)
    rdf-json (0.3.0)
      json_pure (>= 1.4.2)
      rdf (~> 0.3.0)
    rdf-microdata (0.3.0)
      htmlentities (>= 4.3.0)
      json (>= 1.6.1)
      rdf (>= 0.3.4)
      rdf-xsd (>= 0.3.4)
    rdf-n3 (0.3.8)
      rdf (>= 0.3.11)
    rdf-rdfa (0.3.18)
      haml (>= 3.1.7)
      htmlentities (>= 4.3.1)
      rdf (>= 0.3.11)
      rdf-xsd (>= 0.3.8)
    rdf-rdfxml (0.3.9)
      rdf (>= 0.3.11)
      rdf-xsd (>= 0.3.8)
    rdf-trig (0.1.4)
      rdf (>= 0.3.9)
      rdf-turtle (>= 0.3.0)
    rdf-trix (0.3.0)
      rdf (~> 0.3.0)
    rdf-turtle (0.3.2)
      rdf (>= 0.3.11)
    rdf-xsd (0.3.8)
      rdf (>= 0.3.4)
    sinatra (1.3.3)
      rack (~> 1.3, >= 1.3.6)
      rack-protection (~> 1.2)
      tilt (~> 1.3, >= 1.3.3)
    tilt (1.3.3)

PLATFORMS
  ruby

DEPENDENCIES
  json_pure
  linkeddata
  sinatra
